PATH
  remote: .
  specs:
    cardigan (0.1.0)
      activesupport (~> 3)
      flat_hash (~> 0)
      i18n (~> 0)
      shell_shock (~> 0)
      splat (~> 0)
      uuidtools (~> 2)

GEM
  remote: http://rubygems.org/
  specs:
    activesupport (3.1.0)
      multi_json (~> 1.0)
    diff-lcs (1.1.3)
    flat_hash (0.1.0)
      grit (~> 2)
    grit (2.4.1)
      diff-lcs (~> 1.1)
      mime-types (~> 1.15)
    i18n (0.6.0)
    mime-types (1.16)
    multi_json (1.0.3)
    rake (0.9.2)
    rspec (2.6.0)
      rspec-core (~> 2.6.0)
      rspec-expectations (~> 2.6.0)
      rspec-mocks (~> 2.6.0)
    rspec-core (2.6.4)
    rspec-expectations (2.6.0)
      diff-lcs (~> 1.1.2)
    rspec-mocks (2.6.0)
    shell_shock (0.0.5)
    splat (0.1.4)
    uuidtools (2.1.2)

PLATFORMS
  ruby

DEPENDENCIES
  cardigan!
  rake (~> 0.8)
  rspec (~> 2)
