PATH
  remote: .
  specs:
    cardigan (0.1.2)
      flat_hash (~> 0)
      i18n (~> 0)
      shell_shock (~> 0)
      splat (~> 0)
      uuidtools (~> 2)

GEM
  remote: https://rubygems.org/
  specs:
    archive-tar-minitar (0.5.2)
    aruba (0.5.1)
      childprocess (~> 0.3.6)
      cucumber (>= 1.1.1)
      rspec-expectations (>= 2.7.0)
    builder (3.2.0)
    childprocess (0.3.9)
      ffi (~> 1.0, >= 1.0.11)
    cucumber (1.2.3)
      builder (>= 2.1.2)
      diff-lcs (>= 1.1.3)
      gherkin (~> 2.11.6)
      multi_json (~> 1.3)
    diff-lcs (1.2.2)
    ffi (1.6.0)
    flat_hash (0.1.0)
      grit (~> 2)
    gherkin (2.11.7)
      multi_json (~> 1.3)
    grit (2.5.0)
      diff-lcs (~> 1.1)
      mime-types (~> 1.15)
      posix-spawn (~> 0.3.6)
    i18n (0.6.4)
    json (1.7.7)
    mime-types (1.22)
    multi_json (1.7.2)
    posix-spawn (0.3.6)
    rake (0.9.6)
    relish (0.6)
      archive-tar-minitar (>= 0.5.2)
      json (>= 1.4.6)
      rest-client (>= 1.6.1)
    rest-client (1.6.7)
      mime-types (>= 1.16)
    rspec (2.13.0)
      rspec-core (~> 2.13.0)
      rspec-expectations (~> 2.13.0)
      rspec-mocks (~> 2.13.0)
    rspec-core (2.13.1)
    rspec-expectations (2.13.0)
      diff-lcs (>= 1.1.3, < 2.0)
    rspec-mocks (2.13.0)
    shell_shock (0.0.5)
    splat (0.1.5)
    uuidtools (2.1.3)

PLATFORMS
  ruby

DEPENDENCIES
  aruba (~> 0)
  cardigan!
  rake (~> 0.8)
  relish (~> 0.5)
  rspec (~> 2)
